GEM
  remote: http://rubygems.org/
  specs:
    addressable (2.3.2)
    em-websocket (0.3.8)
      addressable (>= 2.1.1)
      eventmachine (>= 0.12.9)
    eventmachine (1.0.0)
    ffi (1.1.5)
    guard (1.3.3)
      listen (>= 0.4.2)
      thor (>= 0.14.6)
    guard-livereload (1.0.1)
      em-websocket (>= 0.2.0)
      guard (>= 1.1.0)
      multi_json (~> 1.0)
    listen (0.5.2)
    multi_json (1.3.6)
    rb-inotify (0.8.8)
      ffi (>= 0.5.0)
    thor (0.16.0)
    yajl-ruby (1.1.0)

PLATFORMS
  ruby

DEPENDENCIES
  guard-livereload
  rb-inotify
  yajl-ruby
